GEM
  remote: https://rubygems.org/
  specs:
    eventmachine (1.2.7)
    oj (3.13.6)
    websocket (1.2.9)
    websocket-eventmachine-base (1.2.0)
      eventmachine (~> 1.0)
      websocket (~> 1.0)
      websocket-native (~> 1.0)
    websocket-eventmachine-client (1.3.0)
      websocket-eventmachine-base (~> 1.0)
    websocket-native (1.0.0)

PLATFORMS
  x86_64-darwin-19

DEPENDENCIES
  oj
  websocket-eventmachine-client

BUNDLED WITH
   2.2.26
